Brain Vision Data Exchange Header File Version 1.0
; Data created by the actiCHamp PyCorder

[Common Infos]
Codepage=UTF-8
DataFile=walkingbaseline.eeg
MarkerFile=walkingbaseline.vmrk
DataFormat=BINARY
; Data orientation: MULTIPLEXED=ch1,pt1, ch2,pt1 ...
DataOrientation=MULTIPLEXED
NumberOfChannels=71
; Sampling interval in microseconds
SamplingInterval=1000

[Binary Infos]
BinaryFormat=IEEE_FLOAT_32

[Channel Infos]
; Each entry: Ch<Channel number>=<Name>,<Reference channel name>,
; <Scaling factor in "Unit">,<Unit>, Future extensions..
; Fields are delimited by commas, some fields might be omitted (empty).
; Commas in channel names are coded as "\1".
Ch1=Ch1,REF,1.0,µV
Ch2=Ch2,REF,1.0,µV
Ch3=Ch3,REF,1.0,µV
Ch4=Ch4,REF,1.0,µV
Ch5=Ch5,REF,1.0,µV
Ch6=Ch6,REF,1.0,µV
Ch7=Ch7,REF,1.0,µV
Ch8=Ch8,REF,1.0,µV
Ch9=Ch9,REF,1.0,µV
Ch10=Ch10,REF,1.0,µV
Ch11=Ch11,REF,1.0,µV
Ch12=Ch12,REF,1.0,µV
Ch13=Ch13,REF,1.0,µV
Ch14=Ch14,REF,1.0,µV
Ch15=Ch15,REF,1.0,µV
Ch16=Ch16,REF,1.0,µV
Ch17=Ch17,REF,1.0,µV
Ch18=Ch18,REF,1.0,µV
Ch19=Ch19,REF,1.0,µV
Ch20=Ch20,REF,1.0,µV
Ch21=Ch22,REF,1.0,µV
Ch22=Ch23,REF,1.0,µV
Ch23=Ch24,REF,1.0,µV
Ch24=Ch25,REF,1.0,µV
Ch25=Ch26,REF,1.0,µV
Ch26=Ch27,REF,1.0,µV
Ch27=Ch28,REF,1.0,µV
Ch28=Ch29,REF,1.0,µV
Ch29=Ch30,REF,1.0,µV
Ch30=Ch31,REF,1.0,µV
Ch31=Ch32,REF,1.0,µV
Ch32=Ch33,REF,1.0,µV
Ch33=Ch34,REF,1.0,µV
Ch34=Ch35,REF,1.0,µV
Ch35=Ch36,REF,1.0,µV
Ch36=Ch37,REF,1.0,µV
Ch37=Ch38,REF,1.0,µV
Ch38=Ch39,REF,1.0,µV
Ch39=Ch40,REF,1.0,µV
Ch40=Ch41,REF,1.0,µV
Ch41=Ch42,REF,1.0,µV
Ch42=Ch43,REF,1.0,µV
Ch43=Ch44,REF,1.0,µV
Ch44=Ch45,REF,1.0,µV
Ch45=Ch46,REF,1.0,µV
Ch46=Ch47,REF,1.0,µV
Ch47=Ch48,REF,1.0,µV
Ch48=Ch49,REF,1.0,µV
Ch49=Ch50,REF,1.0,µV
Ch50=Ch51,REF,1.0,µV
Ch51=Ch52,REF,1.0,µV
Ch52=Ch53,REF,1.0,µV
Ch53=Ch54,REF,1.0,µV
Ch54=Ch55,REF,1.0,µV
Ch55=Ch56,REF,1.0,µV
Ch56=Ch57,REF,1.0,µV
Ch57=Ch58,REF,1.0,µV
Ch58=Ch59,REF,1.0,µV
Ch59=Ch60,REF,1.0,µV
Ch60=Ch61,REF,1.0,µV
Ch61=Ch62,REF,1.0,µV
Ch62=Ch63,REF,1.0,µV
Ch63=Ch64,REF,1.0,µV
Ch64=Aux1,,1.0,µV
Ch65=Aux2,,1.0,µV
Ch66=Aux3,,1.0,µV
Ch67=Aux4,,1.0,µV
Ch68=Aux5,,1.0,µV
Ch69=Aux6,,1.0,µV
Ch70=Aux7,,1.0,µV
Ch71=Aux8,,1.0,µV

[Comment]
PyCorder V1.0.7

Amplifier
actiCHamp (5001) SN: 14010257
Module 1  (5010) SN: 14010519
Module 2  (5010) SN: 14010520
Module 3  n.a.
Module 4  n.a.
Module 5  n.a.
Version: DLL_22.13.11.14, DRV_03.04.01.146, CTRL_04.11.04.28, FPGA_44.00.00.00, DSP_06.11.05.25



Reference channel: Ch21
